GEM
  remote: https://rubygems.org/
  specs:
    dotenv (2.7.6)

PLATFORMS
  arm64-darwin-21
  ruby
  universal-darwin-20
  x86_64-darwin-19

DEPENDENCIES
  dotenv

BUNDLED WITH
   2.2.0
